{
    "Modality": "MR",
    "MagneticFieldStrength": 3,
    "Manufacturer": "Siemens",
    "ManufacturersModelName": "Prisma",
    "InstitutionName": "SKKU",
    "InstitutionalDepartmentName": "Department",
    "InstitutionAddress": "Street_StreetNo_City_264b04_District_KR_ZIP",
    "DeviceSerialNumber": "66061",
    "StationName": "AWP66061",
    "BodyPartExamined": "HEAD",
    "PatientPosition": "HFS",
    "ProcedureStepDescription": "Head_PI:CNIR_IBS",
    "SoftwareVersions": "syngo_MR_E11",
    "MRAcquisitionType": "3D",
    "SeriesDescription": "T1",
    "ProtocolName": "T1",
    "ScanningSequence": "GR_IR",
    "SequenceVariant": "SK_SP_MP_OSP",
    "ScanOptions": "IR",
    "SequenceName": "_tfl3d1_16",
    "ImageType": [
        "ORIGINAL",
        "PRIMARY",
        "M",
        "ND",
        "NORM",
        "SH",
        "FIL"
    ],
    "SeriesNumber": 8,
    "AcquisitionTime": "13:25:26.467500",
    "AcquisitionNumber": 1,
    "SliceThickness": 1,
    "SAR": 0.0402951,
    "EchoTime": 0.00244,
    "RepetitionTime": 2.2,
    "InversionTime": 0.925,
    "FlipAngle": 8,
    "PartialFourier": 1,
    "BaseResolution": 256,
    "ShimSetting": [
        5051,
        3747,
        4207,
        6,
        -40,
        98,
        -44,
        37
    ],
    "TxRefAmp": 222.61,
    "PhaseResolution": 1,
    "PhaseOversampling": 0.1,
    "ReceiveCoilName": "HeadNeck_64",
    "ReceiveCoilActiveElements": "HC1-7;NC1,2",
    "PulseSequenceDetails": "%SiemensSeq%_tfl",
    "ConsistencyInfo": "N4_VE11C_LATEST_20160120",
    "PercentPhaseFOV": 100,
    "PhaseEncodingSteps": 282,
    "AcquisitionMatrixPE": 256,
    "ReconMatrixPE": 256,
    "ParallelReductionFactorInPlane": 2,
    "PixelBandwidth": 250,
    "DwellTime": 7.8e-06,
    "ImageOrientationPatientDICOM": [
        0.999962,
        0.00477833,
        0.00730205,
        -7.6865e-11,
        0.836764,
        -0.547563
    ],
    "InPlanePhaseEncodingDirectionDICOM": "ROW",
    "ConversionSoftware": "dcm2niix",
    "ConversionSoftwareVersion": "v1.0.20171215 (OpenJPEG build) GCC7.3.0",
    "Dcm2bidsVersion": "2.1.6"
}