{
	"Modality": "MR",
	"MagneticFieldStrength": 3,
	"Manufacturer": "Siemens",
	"ManufacturersModelName": "Prisma",
	"InstitutionName": "SKKU",
	"InstitutionalDepartmentName": "Department",
	"InstitutionAddress": "Street_StreetNo_City_264b04_District_KR_ZIP",
	"DeviceSerialNumber": "66061",
	"StationName": "AWP66061",
	"BodyPartExamined": "HEAD",
	"PatientPosition": "HFS",
	"ProcedureStepDescription": "Head_PI:CNIR_IBS",
	"SoftwareVersions": "syngo_MR_E11",
	"MRAcquisitionType": "2D",
	"SeriesDescription": "QNA1_TR1000_2000",
	"ProtocolName": "QNA1_TR1000_2000",
	"ScanningSequence": "EP",
	"SequenceVariant": "SK",
	"ScanOptions": "FS",
	"SequenceName": "_epfid2d1_80",
	"ImageType": [
		"ORIGINAL",
		"PRIMARY",
		"M",
		"ND",
		"NORM",
		"MOSAIC"
	],
	"SeriesNumber": 5,
	"AcquisitionTime": "10:39:42.757500",
	"AcquisitionNumber": 1,
	"SliceThickness": 3,
	"SpacingBetweenSlices": 3,
	"SAR": 0.108316,
	"EchoTime": 0.03,
	"RepetitionTime": 1,
	"FlipAngle": 90,
	"PartialFourier": 1,
	"BaseResolution": 80,
	"ShimSetting": [
		5053,
		3906,
		4491,
		709,
		-97,
		249,
		-482,
		156
	],
	"TxRefAmp": 233.789,
	"PhaseResolution": 1,
	"ReceiveCoilName": "HeadNeck_64",
	"ReceiveCoilActiveElements": "HC1-7;NC1,2",
	"PulseSequenceDetails": "%SiemensSeq%_ep2d_bold",
	"ConsistencyInfo": "N4_VE11C_LATEST_20160120",
	"MultibandAccelerationFactor": 3,
	"PercentPhaseFOV": 100,
	"EchoTrainLength": 39,
	"PhaseEncodingSteps": 79,
	"AcquisitionMatrixPE": 80,
	"ReconMatrixPE": 80,
	"BandwidthPerPixelPhaseEncode": 45.455,
	"ParallelReductionFactorInPlane": 2,
	"EffectiveEchoSpacing": 0.000274997,
	"DerivedVendorReportedEchoSpacing": 0.000549995,
	"TotalReadoutTime": 0.0217248,
	"PixelBandwidth": 2230,
	"DwellTime": 2.8e-06,
	"PhaseEncodingDirection": "j-",
	"SliceTiming": [
		0.735,
		0,
		0.49,
		0.0625,
		0.5525,
		0.1225,
		0.6125,
		0.185,
		0.675,
		0.3075,
		0.7975,
		0.3675,
		0.8575,
		0.43,
		0.92,
		0.245,
		0.735,
		0,
		0.49,
		0.0625,
		0.5525,
		0.1225,
		0.6125,
		0.185,
		0.675,
		0.3075,
		0.7975,
		0.3675,
		0.8575,
		0.43,
		0.92,
		0.245,
		0.735,
		0,
		0.49,
		0.0625,
		0.5525,
		0.1225,
		0.6125,
		0.185,
		0.675,
		0.3075,
		0.7975,
		0.3675,
		0.8575,
		0.43,
		0.92,
		0.245
	],
	"ImageOrientationPatientDICOM": [
		0.999962,
		0.00556247,
		0.0067239,
		1.80116e-08,
		0.770513,
		-0.637424
	],
	"InPlanePhaseEncodingDirectionDICOM": "COL",
	"ConversionSoftware": "dcm2niix",
	"ConversionSoftwareVersion": "v1.0.20171215 (OpenJPEG build) GCC7.3.0",
	"Dcm2bidsVersion": "2.1.6",
	"TaskName": "recall"
}