{
	"Modality": "MR",
	"MagneticFieldStrength": 3,
	"Manufacturer": "Siemens",
	"ManufacturersModelName": "Prisma",
	"InstitutionName": "SKKU",
	"InstitutionalDepartmentName": "Department",
	"InstitutionAddress": "Street_StreetNo_City_54089c_District_KR_ZIP",
	"DeviceSerialNumber": "66061",
	"StationName": "AWP66061",
	"BodyPartExamined": "HEAD",
	"PatientPosition": "HFS",
	"ProcedureStepDescription": "Head_PI:CNIR_IBS",
	"SoftwareVersions": "syngo_MR_E11",
	"MRAcquisitionType": "2D",
	"SeriesDescription": "Recall1",
	"ProtocolName": "Recall1",
	"ScanningSequence": "EP",
	"SequenceVariant": "SK",
	"ScanOptions": "FS",
	"SequenceName": "_epfid2d1_80",
	"ImageType": [
		"ORIGINAL",
		"PRIMARY",
		"M",
		"ND",
		"NORM",
		"MOSAIC"
	],
	"SeriesNumber": 5,
	"AcquisitionTime": "19:47:51.592500",
	"AcquisitionNumber": 1,
	"SliceThickness": 3,
	"SpacingBetweenSlices": 3,
	"SAR": 0.0973483,
	"EchoTime": 0.03,
	"RepetitionTime": 1,
	"FlipAngle": 90,
	"PartialFourier": 1,
	"BaseResolution": 80,
	"ShimSetting": [
		5051,
		3710,
		4486,
		590,
		-67,
		-152,
		-54,
		79
	],
	"TxRefAmp": 214.813,
	"PhaseResolution": 1,
	"ReceiveCoilName": "HeadNeck_64",
	"ReceiveCoilActiveElements": "HC1-7;NC1,2",
	"PulseSequenceDetails": "%SiemensSeq%_ep2d_bold",
	"ConsistencyInfo": "N4_VE11C_LATEST_20160120",
	"MultibandAccelerationFactor": 3,
	"PercentPhaseFOV": 100,
	"EchoTrainLength": 39,
	"PhaseEncodingSteps": 79,
	"AcquisitionMatrixPE": 80,
	"ReconMatrixPE": 80,
	"BandwidthPerPixelPhaseEncode": 45.455,
	"ParallelReductionFactorInPlane": 2,
	"EffectiveEchoSpacing": 0.000274997,
	"DerivedVendorReportedEchoSpacing": 0.000549995,
	"TotalReadoutTime": 0.0217248,
	"PixelBandwidth": 2230,
	"DwellTime": 2.8e-06,
	"PhaseEncodingDirection": "j-",
	"SliceTiming": [
		0.735,
		0,
		0.49,
		0.0625,
		0.55,
		0.1225,
		0.6125,
		0.185,
		0.6725,
		0.305,
		0.795,
		0.3675,
		0.8575,
		0.4275,
		0.9175,
		0.245,
		0.735,
		0,
		0.49,
		0.0625,
		0.55,
		0.1225,
		0.6125,
		0.185,
		0.6725,
		0.305,
		0.795,
		0.3675,
		0.8575,
		0.4275,
		0.9175,
		0.245,
		0.735,
		0,
		0.49,
		0.0625,
		0.55,
		0.1225,
		0.6125,
		0.185,
		0.6725,
		0.305,
		0.795,
		0.3675,
		0.8575,
		0.4275,
		0.9175,
		0.245
	],
	"ImageOrientationPatientDICOM": [
		0.999962,
		0.00496781,
		0.00717448,
		3.07456e-08,
		0.822144,
		-0.56928
	],
	"InPlanePhaseEncodingDirectionDICOM": "COL",
	"ConversionSoftware": "dcm2niix",
	"ConversionSoftwareVersion": "v1.0.20171215 (OpenJPEG build) GCC7.3.0",
	"Dcm2bidsVersion": "2.1.6",
	"TaskName": "recall"
}